GIT
  remote: https://github.com/puppetlabs/puppetlabs-strings.git
  revision: d334ef78c0fbf65fb719341e574da7fda9a1fce2
  specs:
    puppet-strings (1.0.0)
      yard (~> 0.9.5)

GIT
  remote: https://github.com/rodjek/rspec-puppet.git
  revision: 57e461d0b6f49120a2004a81bddf248906519548
  specs:
    rspec-puppet (2.5.0)
      rspec

GIT
  remote: https://github.com/voxpupuli/voxpupuli-release-gem.git
  revision: 1847b8468a4cbfa502f15010b1eaf3f64193e1f9
  specs:
    voxpupuli-release (0.4.0.pre)
      puppet-blacksmith
      rake

GEM
  remote: https://rubygems.org/
  specs:
    diff-lcs (1.3)
    domain_name (0.5.20170223)
      unf (>= 0.0.5, < 1.0.0)
    facter (2.4.6)
    facterdb (0.3.9)
      facter
      jgrep
    fast_gettext (1.1.0)
    gettext (3.2.2)
      locale (>= 2.0.5)
      text (>= 1.3.0)
    gettext-setup (0.13)
      fast_gettext (~> 1.1.0)
      gettext (>= 3.0.2)
      locale
    hiera (3.3.0)
    http-cookie (1.0.3)
      domain_name (~> 0.5)
    jgrep (1.4.1)
      json
    json (2.0.3)
    json_pure (1.8.6)
    locale (2.1.2)
    mcollective-client (2.10.1)
      json
      stomp
      systemu
    metaclass (0.0.4)
    metadata-json-lint (1.0.0)
      json
      semantic_puppet (>= 0.1.2, < 2.0.0)
      spdx-licenses (~> 1.0)
    mime-types (2.99.3)
    mocha (1.2.1)
      metaclass (~> 0.0.1)
    netrc (0.11.0)
    puppet (4.9.3)
      facter (> 2.0, < 4)
      gettext-setup (>= 0.10, < 1)
      hiera (>= 2.0, < 4)
      json_pure (~> 1.8)
      locale (~> 2.1)
    puppet-blacksmith (3.4.0)
      puppet (>= 2.7.16)
      rest-client (~> 1.8.0)
    puppet-lint (2.1.1)
    puppet-lint-absolute_classname-check (0.2.4)
      puppet-lint (>= 1.0, < 3.0)
    puppet-lint-classes_and_types_beginning_with_digits-check (0.1.2)
      puppet-lint (>= 1.0, < 3.0)
    puppet-lint-leading_zero-check (0.1.1)
      puppet-lint (>= 1.0, < 3.0)
    puppet-lint-param-docs (1.4.1)
      puppet-lint (>= 1.1, < 3.0)
    puppet-lint-strict_indent-check (2.0.5)
      puppet-lint (> 1.0)
    puppet-lint-trailing_comma-check (0.3.2)
      puppet-lint (>= 1.0, < 3.0)
    puppet-lint-unquoted_string-check (0.3.0)
      puppet-lint (>= 1.0, < 3.0)
    puppet-lint-variable_contains_upcase (1.2.0)
      puppet-lint (>= 1.0, < 3.0)
    puppet-lint-version_comparison-check (0.2.1)
      puppet-lint (>= 1.0, < 3.0)
    puppet-syntax (2.3.0)
      rake
    puppetlabs_spec_helper (2.0.2)
      mocha (~> 1.0)
      puppet-lint (~> 2.0)
      puppet-syntax (~> 2.0)
      rspec-puppet (~> 2.0)
    rake (12.0.0)
    rest-client (1.8.0)
      http-cookie (>= 1.0.2, < 2.0)
      mime-types (>= 1.16, < 3.0)
      netrc (~> 0.7)
    rspec (3.5.0)
      rspec-core (~> 3.5.0)
      rspec-expectations (~> 3.5.0)
      rspec-mocks (~> 3.5.0)
    rspec-core (3.5.4)
      rspec-support (~> 3.5.0)
    rspec-expectations (3.5.0)
      diff-lcs (>= 1.2.0, < 2.0)
      rspec-support (~> 3.5.0)
    rspec-mocks (3.5.0)
      diff-lcs (>= 1.2.0, < 2.0)
      rspec-support (~> 3.5.0)
    rspec-puppet-facts (1.7.1)
      facter
      facterdb (>= 0.3.0)
      json
      mcollective-client
      puppet
    rspec-puppet-utils (3.1.0)
      mocha
      puppet (>= 3)
      puppetlabs_spec_helper
      rspec
      rspec-puppet
    rspec-support (3.5.0)
    semantic_puppet (0.1.4)
      gettext-setup (>= 0.3)
    spdx-licenses (1.1.0)
    stomp (1.4.3)
    systemu (2.6.5)
    text (1.3.1)
    unf (0.1.4)
      unf_ext
    unf_ext (0.0.7.2)
    yard (0.9.8)

PLATFORMS
  ruby

DEPENDENCIES
  facter
  hiera
  metadata-json-lint
  puppet
  puppet-blacksmith
  puppet-lint-absolute_classname-check
  puppet-lint-classes_and_types_beginning_with_digits-check
  puppet-lint-leading_zero-check
  puppet-lint-param-docs
  puppet-lint-strict_indent-check
  puppet-lint-trailing_comma-check
  puppet-lint-unquoted_string-check
  puppet-lint-variable_contains_upcase
  puppet-lint-version_comparison-check
  puppet-strings!
  puppetlabs_spec_helper
  rake
  rspec-puppet!
  rspec-puppet-facts
  rspec-puppet-utils
  voxpupuli-release!

BUNDLED WITH
   1.14.5
